GEM
  remote: https://rubygems.org/
  specs:
    addressable (2.7.0)
      public_suffix (>= 2.0.2, < 5.0)
    ast (2.4.0)
    crack (0.4.3)
      safe_yaml (~> 1.0.0)
    diff-lcs (1.3)
    domain_name (0.5.20190701)
      unf (>= 0.0.5, < 1.0.0)
    hashdiff (1.0.0)
    http-cookie (1.0.3)
      domain_name (~> 0.5)
    httpclient (2.8.3)
    jaro_winkler (1.5.4)
    jaro_winkler (1.5.4-java)
    jruby-jars (9.2.9.0)
    jruby-rack (1.1.21)
    mime-types (2.99.3)
    mini_portile2 (2.4.0)
    netrc (0.11.0)
    nokogiri (1.10.7)
      mini_portile2 (~> 2.4.0)
    nokogiri (1.10.7-java)
    parallel (1.19.1)
    parser (2.6.5.0)
      ast (~> 2.4.0)
    public_suffix (4.0.1)
    rainbow (3.0.0)
    rake (13.0.1)
    rest-client (1.8.0)
      http-cookie (>= 1.0.2, < 2.0)
      mime-types (>= 1.16, < 3.0)
      netrc (~> 0.7)
    rspec (3.9.0)
      rspec-core (~> 3.9.0)
      rspec-expectations (~> 3.9.0)
      rspec-mocks (~> 3.9.0)
    rspec-core (3.9.0)
      rspec-support (~> 3.9.0)
    rspec-expectations (3.9.0)
      diff-lcs (>= 1.2.0, < 2.0)
      rspec-support (~> 3.9.0)
    rspec-mocks (3.9.0)
      diff-lcs (>= 1.2.0, < 2.0)
      rspec-support (~> 3.9.0)
    rspec-support (3.9.0)
    rubocop (0.77.0)
      jaro_winkler (~> 1.5.1)
      parallel (~> 1.10)
      parser (>= 2.6)
      rainbow (>= 2.2.2, < 4.0)
      ruby-progressbar (~> 1.7)
      unicode-display_width (>= 1.4.0, < 1.7)
    ruby-progressbar (1.10.1)
    rubyzip (1.3.0)
    safe_yaml (1.0.5)
    unf (0.1.4)
      unf_ext
    unf (0.1.4-java)
    unf_ext (0.0.7.6)
    unicode-display_width (1.6.0)
    vcloud-rest (1.4.0)
      httpclient (~> 2.3, >= 2.3.3)
      nokogiri (>= 1.5.10)
      rest-client (~> 1.6, >= 1.6.7)
      ruby-progressbar (~> 1.5, >= 1.5.1)
    vcr (3.0.3)
    warbler (2.0.5)
      jruby-jars (>= 9.0.0.0)
      jruby-rack (>= 1.1.1, < 1.3)
      rake (>= 10.1.0)
      rubyzip (~> 1.0, < 1.4)
    webmock (2.3.2)
      addressable (>= 2.3.6)
      crack (>= 0.3.2)
      hashdiff

PLATFORMS
  java
  ruby

DEPENDENCIES
  http-cookie (~> 1.0)
  rspec (~> 3.5)
  rubocop (~> 0.43)
  vcloud-rest (~> 1.4)
  vcr (~> 3.0, >= 3.0.3)
  warbler (~> 2.0, >= 2.0.3)
  webmock (~> 2.1)

BUNDLED WITH
   1.17.2
